PATH
  remote: .
  specs:
    recomendacao (0.1.0)

GEM
  remote: https://rubygems.org/
  specs:
    atk (3.3.6)
      glib2 (= 3.3.6)
    audite (0.4.0)
    cairo (1.16.4)
      native-package-installer (>= 1.0.3)
      pkg-config (>= 1.2.2)
    cairo-gobject (3.3.6)
      cairo (>= 1.16.2)
      glib2 (= 3.3.6)
    coderay (1.1.2)
    diff-lcs (1.3)
    gdk3 (3.3.6)
      cairo-gobject (= 3.3.6)
      gdk_pixbuf2 (= 3.3.6)
      pango (= 3.3.6)
    gdk_pixbuf2 (3.3.6)
      gio2 (= 3.3.6)
    gio2 (3.3.6)
      gobject-introspection (= 3.3.6)
    glib2 (3.3.6)
      native-package-installer (>= 1.0.3)
      pkg-config (>= 1.3.5)
    gobject-introspection (3.3.6)
      glib2 (= 3.3.6)
    gtk3 (3.3.6)
      atk (= 3.3.6)
      gdk3 (= 3.3.6)
      gdk_pixbuf2 (= 3.3.6)
      gio2 (= 3.3.6)
      pango (= 3.3.6)
    id3tag (0.11.0)
    method_source (0.9.0)
    native-package-installer (1.0.7)
    pango (3.3.6)
      cairo-gobject (= 3.3.6)
      gobject-introspection (= 3.3.6)
    pkg-config (1.3.7)
    pry (0.11.3)
      coderay (~> 1.1.0)
      method_source (~> 0.9.0)
    rake (13.0.1)
    rspec (3.8.0)
      rspec-core (~> 3.8.0)
      rspec-expectations (~> 3.8.0)
      rspec-mocks (~> 3.8.0)
    rspec-core (3.8.0)
      rspec-support (~> 3.8.0)
    rspec-expectations (3.8.3)
      diff-lcs (>= 1.2.0, < 2.0)
      rspec-support (~> 3.8.0)
    rspec-mocks (3.8.0)
      diff-lcs (>= 1.2.0, < 2.0)
      rspec-support (~> 3.8.0)
    rspec-support (3.8.0)
    ruby-graphviz (1.2.4)
    ruby-progressbar (1.9.0)

PLATFORMS
  ruby

DEPENDENCIES
  audite
  bundler (~> 1.17)
  gtk3
  id3tag (~> 0.11.0)
  pry
  rake (~> 13.0)
  recomendacao!
  rspec (~> 3.8)
  ruby-graphviz
  ruby-progressbar

BUNDLED WITH
   1.17.2
